GEM
  remote: http://rubygems.org/
  specs:
    abstract (1.0.0)
    actionmailer (3.0.8)
      actionpack (= 3.0.8)
      mail (~> 2.2.19)
    actionpack (3.0.8)
      activemodel (= 3.0.8)
      activesupport (= 3.0.8)
      builder (~> 2.1.2)
      erubis (~> 2.6.6)
      i18n (~> 0.5.0)
      rack (~> 1.2.1)
      rack-mount (~> 0.6.14)
      rack-test (~> 0.5.7)
      tzinfo (~> 0.3.23)
    activemodel (3.0.8)
      activesupport (= 3.0.8)
      builder (~> 2.1.2)
      i18n (~> 0.5.0)
    activerecord (3.0.8)
      activemodel (= 3.0.8)
      activesupport (= 3.0.8)
      arel (~> 2.0.10)
      tzinfo (~> 0.3.23)
    activeresource (3.0.8)
      activemodel (= 3.0.8)
      activesupport (= 3.0.8)
    activesupport (3.0.8)
    arel (2.0.10)
    bcrypt-ruby (2.1.4)
    bcrypt-ruby (2.1.4-x86-mingw32)
    brI18n (3.0.4)
      actionpack (>= 3.0.0)
      activerecord (>= 3.0.0)
      activesupport (>= 3.0.0)
    brazilian-rails (3.0.4)
      brI18n (= 3.0.4)
      brcep (= 3.0.4)
      brcpfcnpj (= 3.0.4)
      brdata (= 3.0.4)
      brdinheiro (= 3.0.4)
      brhelper (= 3.0.4)
      brnumeros (= 3.0.4)
      brstring (= 3.0.4)
    brcep (3.0.4)
    brcpfcnpj (3.0.4)
      actionpack (>= 3.0.0)
      activesupport (>= 3.0.0)
    brdata (3.0.4)
      actionpack (>= 3.0.0)
      activesupport (>= 3.0.0)
    brdinheiro (3.0.4)
      actionpack (>= 3.0.0)
      activerecord (>= 3.0.0)
      brnumeros (= 3.0.4)
    brhelper (3.0.4)
      actionpack (>= 3.0.0)
      activesupport (>= 3.0.0)
    brnumeros (3.0.4)
    brstring (3.0.4)
      activesupport (>= 3.0.0)
    builder (2.1.2)
    cancan (1.6.5)
    erubis (2.6.6)
      abstract (>= 1.0.0)
    formtastic (1.2.4)
      actionpack (>= 2.3.7)
      activesupport (>= 2.3.7)
      i18n (~> 0.4)
    haml (3.0.25)
    has_scope (0.5.0)
    i18n (0.5.0)
    inherited_resources (1.2.2)
      has_scope (~> 0.5.0)
      responders (~> 0.6.0)
    mail (2.2.19)
      activesupport (>= 2.3.6)
      i18n (>= 0.4.0)
      mime-types (~> 1.16)
      treetop (~> 1.4.8)
    mime-types (1.16)
    paperclip (2.3.11)
      activerecord (>= 2.3.0)
      activesupport (>= 2.3.2)
    polyglot (0.3.1)
    rack (1.2.3)
    rack-mount (0.6.14)
      rack (>= 1.0.0)
    rack-test (0.5.7)
      rack (>= 1.0)
    rails (3.0.8)
      actionmailer (= 3.0.8)
      actionpack (= 3.0.8)
      activerecord (= 3.0.8)
      activeresource (= 3.0.8)
      activesupport (= 3.0.8)
      bundler (~> 1.0)
      railties (= 3.0.8)
    railties (3.0.8)
      actionpack (= 3.0.8)
      activesupport (= 3.0.8)
      rake (>= 0.8.7)
      thor (~> 0.14.4)
    rake (0.9.2)
    responders (0.6.4)
    sqlite3 (1.3.3)
    sqlite3 (1.3.3-x86-mingw32)
    thor (0.14.6)
    treetop (1.4.9)
      polyglot (>= 0.3.1)
    tzinfo (0.3.28)
    will_paginate (3.0.pre2)

PLATFORMS
  ruby
  x86-mingw32

DEPENDENCIES
  bcrypt-ruby
  brazilian-rails (~> 3.0.0)
  cancan
  formtastic
  haml
  inherited_resources
  paperclip (~> 2.3)
  rails (= 3.0.8)
  sqlite3
  will_paginate (~> 3.0.pre2)
